GEM
  remote: https://rubygems.org/
  specs:
    bson (4.3.0)
    bson_ext (1.5.1)
    et-orbi (1.1.1)
      tzinfo
    fugit (1.1.1)
      et-orbi (~> 1.1, >= 1.1.1)
      raabro (~> 1.1)
    json (2.1.0)
    mongo (2.5.3)
      bson (>= 4.3.0, < 5.0.0)
    mustermann (1.0.2)
    prometheus-client (0.8.0)
      quantile (~> 0.2.1)
    puma (3.11.4)
    quantile (0.2.1)
    raabro (1.1.5)
    rack (2.0.5)
    rack-protection (2.0.1)
      rack
    rufus-scheduler (3.5.0)
      fugit (~> 1.1, >= 1.1.1)
    sinatra (2.0.1)
      mustermann (~> 1.0)
      rack (~> 2.0)
      rack-protection (= 2.0.1)
      tilt (~> 2.0)
    thread_safe (0.3.6)
    tilt (2.0.8)
    tzinfo (1.2.5)
      thread_safe (~> 0.1)
    tzinfo-data (1.2018.5)
      tzinfo (>= 1.0.0)

PLATFORMS
  ruby

DEPENDENCIES
  bson
  bson_ext
  json
  mongo
  prometheus-client
  puma
  rack
  rufus-scheduler
  sinatra (~> 2.0.1)
  tzinfo-data

BUNDLED WITH
   1.16.2
